GIT
  remote: git://github.com/komeiatecnologia/kgem_log20.git
  revision: 39d28ec0c4dd2ec01c8bc5fa95157cd32a401ae5
  specs:
    kgem_log (0.1.2)

GIT
  remote: git://github.com/komeiatecnologia/logger.git
  revision: dd0d0ecde16f9ce4c45f5b805672ae492f25943e
  specs:
    logger (1.3.1)

GEM
  remote: https://rubygems.org/
  remote: http://komeia:ikomeia2014@gems.komeia.com/
  specs:
    awesome_print (0.4.0)
    coderay (1.1.2)
    json_pure (1.6.4)
    method_source (0.9.0)
    pry (0.9.12.6)
      coderay (~> 1.0)
      method_source (~> 0.8)
      slop (~> 3.4)
    rake (0.8.7)
    slop (3.6.0)

PLATFORMS
  ruby

DEPENDENCIES
  awesome_print (= 0.4.0)
  json_pure (<= 1.6.4)
  kgem_log!
  logger!
  pry (= 0.9.12.6)
  rake (>= 0.8.7)

BUNDLED WITH
   1.16.1
